GIT
  remote: git://github.com/KimNorgaard/validates_hostname.git
  revision: 6421e9bd8261a2fe010c627191a0dbe30352469f
  specs:
    validates_hostname (1.0.0)

GIT
  remote: git://github.com/clyfe/active_scaffold.git
  revision: b82fdc8f7252ca88b1f44b72a0ff75e511fa967d
  branch: fix-always-use-build_associated
  specs:
    active_scaffold (3.4.0.rc)
      rails (>= 3.2.6, < 5)

GIT
  remote: git://github.com/jejacks0n/navigasmic.git
  revision: 1ffe437f279657c6fb87bb4b0215eb723df4ea7a
  ref: 1ffe437f279657c6fb87bb4b0215eb723df4ea7a
  tag: v0.5.6
  specs:
    navigasmic (0.5.6)

GIT
  remote: git://github.com/kimkong/userstamp.git
  revision: fbb35ccb5004bb04f87e01cbe9b7a5ccdd06b856
  specs:
    userstamp (2.0.2)

GEM
  remote: http://rubygems.org/
  specs:
    actionmailer (4.0.2)
      actionpack (= 4.0.2)
      mail (~> 2.5.4)
    actionpack (4.0.2)
      activesupport (= 4.0.2)
      builder (~> 3.1.0)
      erubis (~> 2.7.0)
      rack (~> 1.5.2)
      rack-test (~> 0.6.2)
    active-model-email-validator (1.0.2)
      activemodel
      mail
    activemodel (4.0.2)
      activesupport (= 4.0.2)
      builder (~> 3.1.0)
    activerecord (4.0.2)
      activemodel (= 4.0.2)
      activerecord-deprecated_finders (~> 1.0.2)
      activesupport (= 4.0.2)
      arel (~> 4.0.0)
    activerecord-deprecated_finders (1.0.3)
    activesupport (4.0.2)
      i18n (~> 0.6, >= 0.6.4)
      minitest (~> 4.2)
      multi_json (~> 1.3)
      thread_safe (~> 0.1)
      tzinfo (~> 0.3.37)
    acts_as_nested_interval (0.1.0)
      rails (>= 3.2.1, < 5)
    addressable (2.3.5)
    animate-rails (1.0.4)
      rails
    arel (4.0.1)
    atomic (1.1.14)
    bcrypt-ruby (3.1.2)
    better_errors (1.1.0)
      coderay (>= 1.0.0)
      erubis (>= 2.6.6)
    binding_of_caller (0.7.2)
      debug_inspector (>= 0.0.1)
    bootstrap-sass (3.0.3.0)
      sass (~> 3.2)
    builder (3.1.4)
    bullet (4.7.1)
      activesupport
      uniform_notifier (>= 1.4.0)
    cancan (1.6.7)
    capybara (2.2.0)
      mime-types (>= 1.16)
      nokogiri (>= 1.3.3)
      rack (>= 1.0.0)
      rack-test (>= 0.5.4)
      xpath (~> 2.0)
    chunky_png (1.2.9)
    coderay (1.1.0)
    coffee-rails (4.0.1)
      coffee-script (>= 2.2.0)
      railties (>= 4.0.0, < 5.0)
    coffee-script (2.2.0)
      coffee-script-source
      execjs
    coffee-script-source (1.6.3)
    compass (0.12.2)
      chunky_png (~> 1.2)
      fssm (>= 0.2.7)
      sass (~> 3.1)
    compass-rails (1.1.3)
      compass (>= 0.12.2)
    concerned_with (0.1.0)
    dalli (2.6.4)
    database_rewinder (0.0.2)
    debase (0.0.9)
      debugger-ruby_core_source
    debug_inspector (0.0.2)
    debugger-ruby_core_source (1.3.1)
    detect_timezone_rails (0.0.5)
      railties (>= 3.1)
    devise (3.2.2)
      bcrypt-ruby (~> 3.0)
      orm_adapter (~> 0.1)
      railties (>= 3.2.6, < 5)
      thread_safe (~> 0.1)
      warden (~> 1.2.3)
    diff-lcs (1.2.5)
    erubis (2.7.0)
    execjs (2.0.2)
    factory_girl (4.3.0)
      activesupport (>= 3.0.0)
    factory_girl_rails (4.3.0)
      factory_girl (~> 4.3.0)
      railties (>= 3.0.0)
    faker (1.2.0)
      i18n (~> 0.5)
    font-awesome-rails (4.0.3.0)
      railties (>= 3.2, < 5.0)
    fssm (0.2.10)
    haml (4.0.4)
      tilt
    hike (1.2.3)
    i18n (0.6.9)
    jquery-rails (3.0.4)
      railties (>= 3.0, < 5.0)
      thor (>= 0.14, < 2.0)
    jquery-ui-rails (4.1.1)
      railties (>= 3.1.0)
    json (1.8.1)
    kaminari (0.15.0)
      actionpack (>= 3.0.0)
      activesupport (>= 3.0.0)
    kgio (2.8.1)
    launchy (2.4.2)
      addressable (~> 2.3)
    letter_opener (1.2.0)
      launchy (~> 2.2)
    libv8 (3.16.14.3)
    mail (2.5.4)
      mime-types (~> 1.16)
      treetop (~> 1.4.8)
    mail_form (1.5.0)
      actionmailer (>= 3.2, < 5)
      activemodel (>= 3.2, < 5)
    mime-types (1.25.1)
    mini_portile (0.5.2)
    minitest (4.7.5)
    multi_json (1.8.2)
    mysql2 (0.3.14)
    nested_form (0.3.2)
    nilify_blanks (1.0.3)
      activerecord (>= 3.0.0)
      activesupport (>= 3.0.0)
    nokogiri (1.6.1)
      mini_portile (~> 0.5.0)
    nprogress-rails (0.1.2.3)
    oily_png (1.1.0)
      chunky_png (~> 1.2.7)
    orm_adapter (0.5.0)
    polyamorous (0.6.4)
      activerecord (>= 3.0)
    polyglot (0.3.3)
    quiet_assets (1.0.2)
      railties (>= 3.1, < 5.0)
    rack (1.5.2)
    rack-pjax (0.7.0)
      nokogiri (~> 1.5)
      rack (~> 1.3)
    rack-test (0.6.2)
      rack (>= 1.0)
    rails (4.0.2)
      actionmailer (= 4.0.2)
      actionpack (= 4.0.2)
      activerecord (= 4.0.2)
      activesupport (= 4.0.2)
      bundler (>= 1.3.0, < 2.0)
      railties (= 4.0.2)
      sprockets-rails (~> 2.0.0)
    rails-settings-cached (0.3.2)
      rails (>= 4.0.0)
    rails_admin (0.6.0)
      builder (~> 3.1)
      coffee-rails (~> 4.0)
      font-awesome-rails (>= 3.0)
      haml (~> 4.0)
      jquery-rails (~> 3.0)
      jquery-ui-rails (~> 4.0)
      kaminari (~> 0.14)
      nested_form (~> 0.3)
      rack-pjax (~> 0.7)
      rails (~> 4.0.0)
      remotipart (~> 1.0)
      safe_yaml (~> 0.9)
      sass-rails (~> 4.0)
    rails_config (0.3.3)
      activesupport (>= 3.0)
    railties (4.0.2)
      actionpack (= 4.0.2)
      activesupport (= 4.0.2)
      rake (>= 0.8.7)
      thor (>= 0.18.1, < 2.0)
    raindrops (0.12.0)
    rake (10.1.1)
    ref (1.0.5)
    remotipart (1.2.1)
    rspec-core (2.14.7)
    rspec-expectations (2.14.4)
      diff-lcs (>= 1.1.3, < 2.0)
    rspec-mocks (2.14.4)
    rspec-rails (2.14.1)
      actionpack (>= 3.0)
      activemodel (>= 3.0)
      activesupport (>= 3.0)
      railties (>= 3.0)
      rspec-core (~> 2.14.0)
      rspec-expectations (~> 2.14.0)
      rspec-mocks (~> 2.14.0)
    safe_yaml (0.9.7)
    sass (3.2.13)
    sass-rails (4.0.1)
      railties (>= 4.0.0, < 5.0)
      sass (>= 3.1.10)
      sprockets-rails (~> 2.0.0)
    seedbank (0.3.0)
    sentient_model (1.0.4)
      bundler (>= 1.0)
    simple_form (3.0.1)
      actionpack (>= 4.0.0, < 4.1)
      activemodel (>= 4.0.0, < 4.1)
    sprockets (2.10.1)
      hike (~> 1.2)
      multi_json (~> 1.0)
      rack (~> 1.0)
      tilt (~> 1.1, != 1.3.0)
    sprockets-rails (2.0.1)
      actionpack (>= 3.0)
      activesupport (>= 3.0)
      sprockets (~> 2.8)
    squeel (1.1.1)
      activerecord (>= 3.0)
      activesupport (>= 3.0)
      polyamorous (~> 0.6.0)
    switch_user (0.9.4)
    therubyracer (0.12.0)
      libv8 (~> 3.16.14.0)
      ref
    thor (0.18.1)
    thread_safe (0.1.3)
      atomic
    tilt (1.4.1)
    treetop (1.4.15)
      polyglot
      polyglot (>= 0.3.1)
    turbolinks (2.1.0)
      coffee-rails
    tzinfo (0.3.38)
    uglifier (2.3.3)
      execjs (>= 0.3.0)
      json (>= 1.8.0)
    unicorn (4.6.3)
      kgio (~> 2.6)
      rack
      raindrops (~> 0.7)
    uniform_notifier (1.4.0)
    warden (1.2.3)
      rack (>= 1.0)
    webshims-rails (1.11.6.1)
      rails (> 3.1.0)
    xpath (2.0.0)
      nokogiri (~> 1.3)

PLATFORMS
  ruby

DEPENDENCIES
  active-model-email-validator (~> 1.0.2)
  active_scaffold (~> 3.4.0.rc)!
  acts_as_nested_interval (~> 0.1.0)
  animate-rails (~> 1.0.0)
  better_errors (= 1.1.0)
  binding_of_caller (= 0.7.2)
  bootstrap-sass (~> 3.0.3.0)
  bullet (~> 4.7.1)
  cancan (= 1.6.7)
  capybara (~> 2.2.0)
  coffee-rails (~> 4.0.0)
  compass-rails (~> 1.1.0)
  concerned_with (~> 0.1.0)
  dalli (~> 2.6.2)
  database_rewinder (~> 0.0.1)
  debase (~> 0.0.7)
  detect_timezone_rails (~> 0.0.3)
  devise (~> 3.2.2)
  factory_girl_rails (~> 4.3.0)
  faker (~> 1.2.0)
  jquery-rails (~> 3.0.4)
  jquery-ui-rails (~> 4.1.0)
  json (~> 1.8.0)
  letter_opener (~> 1.2.0)
  mail_form (~> 1.5.0)
  mysql2 (~> 0.3.13)
  navigasmic (~> 0.5.6)!
  nilify_blanks (~> 1.0.2)
  nprogress-rails (~> 0.1.2.2)
  oily_png (~> 1.1.0)
  quiet_assets (~> 1.0.1)
  rails (= 4.0.2)
  rails-settings-cached (~> 0.3.1)
  rails_admin (~> 0.6.0)
  rails_config (~> 0.3.3)
  rspec-rails (~> 2.14.0)
  sass-rails (~> 4.0.0)
  seedbank (~> 0.3.0)
  sentient_model (~> 1.0.4)
  simple_form (~> 3.0.0)
  squeel (~> 1.1.0)
  switch_user (~> 0.9.3)
  therubyracer (~> 0.12.0)
  turbolinks (~> 2.1.0)
  uglifier (~> 2.3.1)
  unicorn (~> 4.6.3)
  userstamp (~> 2.0.2)!
  validates_hostname (~> 1.0.0)!
  webshims-rails (~> 1.11.1)
